GEM
  remote: http://rubygems.org/
  specs:
    addressable (2.8.0)
      public_suffix (>= 2.0.2, < 5.0)
    capistrano (2.12.0)
      highline
      net-scp (>= 1.0.0)
      net-sftp (>= 2.0.0)
      net-ssh (>= 2.0.14)
      net-ssh-gateway (>= 1.1.0)
    capistrano-log_with_awesome (0.0.2)
      capistrano (>= 2.5.14)
    css_parser (1.2.6)
      addressable
      rdoc
    facets (2.9.3)
    ffi (1.3.1)
    ffi (1.3.1-x86-mingw32)
    highline (1.6.12)
    inline-style (0.5.0)
      css_parser
      facets
      maca-fork-csspool
      nokogiri
    json (1.7.6)
    maca-fork-csspool (2.0.2)
      ffi
    net-scp (1.0.4)
      net-ssh (>= 1.99.1)
    net-sftp (2.0.5)
      net-ssh (>= 2.0.9)
    net-ssh (2.5.2)
    net-ssh-gateway (1.1.0)
      net-ssh (>= 1.99.1)
    nokogiri (1.5.6)
    nokogiri (1.5.6-x86-mingw32)
    public_suffix (4.0.6)
    rdoc (3.12)
      json (~> 1.4)

PLATFORMS
  ruby
  x86-mingw32

DEPENDENCIES
  capistrano-log_with_awesome
  inline-style
